PATH
  remote: .
  specs:
    unitsml (0.1.0)
      htmlentities
      parslet
      plurimath

GEM
  remote: https://rubygems.org/
  specs:
    ast (2.4.2)
    byebug (11.1.3)
    coderay (1.1.3)
    diff-lcs (1.4.4)
    docile (1.3.5)
    equivalent-xml (0.6.0)
      nokogiri (>= 1.4.3)
    htmlentities (4.3.4)
    method_source (0.9.2)
    mini_portile2 (2.8.1)
    nokogiri (1.14.0)
      mini_portile2 (~> 2.8.0)
      racc (~> 1.4)
    ox (2.14.14)
    parallel (1.20.1)
    parser (3.0.0.0)
      ast (~> 2.4.1)
    parslet (2.0.0)
    plurimath (0.3.2)
      ox
      parslet
    powerpack (0.1.3)
    pry (0.12.2)
      coderay (~> 1.1.0)
      method_source (~> 0.9.0)
    racc (1.6.2)
    rainbow (3.0.0)
    rake (12.3.3)
    rspec (3.10.0)
      rspec-core (~> 3.10.0)
      rspec-expectations (~> 3.10.0)
      rspec-mocks (~> 3.10.0)
    rspec-core (3.10.1)
      rspec-support (~> 3.10.0)
    rspec-expectations (3.10.1)
      diff-lcs (>= 1.2.0, < 2.0)
      rspec-support (~> 3.10.0)
    rspec-mocks (3.10.2)
      diff-lcs (>= 1.2.0, < 2.0)
      rspec-support (~> 3.10.0)
    rspec-support (3.10.2)
    rubocop (0.54.0)
      parallel (~> 1.10)
      parser (>= 2.5)
      powerpack (~> 0.1)
      rainbow (>= 2.2.2, < 4.0)
      ruby-progressbar (~> 1.7)
      unicode-display_width (~> 1.0, >= 1.0.1)
    ruby-progressbar (1.11.0)
    simplecov (0.21.2)
      docile (~> 1.1)
      simplecov-html (~> 0.11)
      simplecov_json_formatter (~> 0.1)
    simplecov-html (0.12.3)
    simplecov_json_formatter (0.1.2)
    unicode-display_width (1.7.0)

PLATFORMS
  ruby

DEPENDENCIES
  byebug
  equivalent-xml
  pry (~> 0.12.2)
  rake
  rspec (~> 3.6)
  rubocop (= 0.54.0)
  simplecov (~> 0.15)
  unitsml!

BUNDLED WITH
   2.3.25
